GEM
  remote: http://rubygems.org/
  specs:
    rack (1.2.1)
    rack-cache (0.5.3)
      rack (>= 0.4)
    sinatra (1.2.6)
      rack (~> 1.1)
      tilt (< 2.0, >= 1.2.2)
    tilt (1.3.2)

PLATFORMS
  ruby

DEPENDENCIES
  rack-cache
  sinatra (= 1.2.6)
